GEM
  remote: https://rubygems.org/
  specs:
    cairo (1.17.5)
      native-package-installer (>= 1.0.3)
      pkg-config (>= 1.2.2)
      red-colors
    cairo-gobject (3.4.9)
      cairo (>= 1.16.2)
      glib2 (= 3.4.9)
    classy_hash (1.0.0)
    game_icons (0.45.0.20210930)
    gdk_pixbuf2 (3.4.9)
      gio2 (= 3.4.9)
    gio2 (3.4.9)
      gobject-introspection (= 3.4.9)
    glib2 (3.4.9)
      native-package-installer (>= 1.0.3)
      pkg-config (>= 1.3.5)
    gobject-introspection (3.4.9)
      glib2 (= 3.4.9)
    highline (2.0.3)
    matrix (0.4.2)
    mercenary (0.4.0)
    native-package-installer (1.1.1)
    nokogiri (1.12.5-arm64-darwin)
      racc (~> 1.4)
    pango (3.4.9)
      cairo-gobject (= 3.4.9)
      gobject-introspection (= 3.4.9)
    pkg-config (1.4.6)
    racc (1.6.0)
    rainbow (3.0.0)
    red-colors (0.3.0)
      matrix
    roo (2.8.3)
      nokogiri (~> 1)
      rubyzip (>= 1.3.0, < 3.0.0)
    rsvg2 (3.4.9)
      cairo-gobject (= 3.4.9)
      gdk_pixbuf2 (= 3.4.9)
    ruby-progressbar (1.11.0)
    rubyzip (2.3.2)
    squib (0.18.0)
      cairo (~> 1.17)
      classy_hash (= 1.0.0)
      gio2 (~> 3.4)
      gobject-introspection (~> 3.4)
      highline (= 2.0.3)
      mercenary (= 0.4.0)
      nokogiri (~> 1.11)
      pango (~> 3.4)
      rainbow (~> 3.0)
      roo (~> 2.8)
      rsvg2 (~> 3.4)
      ruby-progressbar (~> 1.11)

PLATFORMS
  arm64-darwin-21

DEPENDENCIES
  game_icons
  squib

BUNDLED WITH
   2.2.32
